GEM
  remote: http://rubygems.org/
  specs:
    builder (3.1.4)
    cassandra (0.17.0)
      json
      rake
      simple_uuid (~> 0.2.0)
      thrift_client (>= 0.7.0, < 0.9)
    ci_reporter (1.7.3)
      builder (>= 2.1.2)
    diff-lcs (1.1.3)
    json (1.7.5)
    multi_json (1.3.6)
    rack (1.4.1)
    rack-protection (1.2.0)
      rack
    rake (0.9.2.2)
    rspec (2.11.0)
      rspec-core (~> 2.11.0)
      rspec-expectations (~> 2.11.0)
      rspec-mocks (~> 2.11.0)
    rspec-core (2.11.1)
    rspec-expectations (2.11.3)
      diff-lcs (~> 1.1.3)
    rspec-mocks (2.11.3)
    simple_uuid (0.2.0)
    simplecov (0.7.1)
      multi_json (~> 1.0)
      simplecov-html (~> 0.7.1)
    simplecov-html (0.7.1)
    simplecov-rcov (0.2.3)
      simplecov (>= 0.4.1)
    sinatra (1.3.3)
      rack (~> 1.3, >= 1.3.6)
      rack-protection (~> 1.2)
      tilt (~> 1.3, >= 1.3.3)
    thrift (0.8.0)
    thrift_client (0.8.3)
      thrift (~> 0.8.0)
    tilt (1.3.3)

PLATFORMS
  ruby

DEPENDENCIES
  cassandra
  ci_reporter
  rake
  rspec
  simplecov
  simplecov-rcov
  sinatra
